GEM
  remote: https://rubygems.org/
  specs:
    plist (3.1.0)
    sqlite3 (1.3.6)
    thor (0.16.0)

PLATFORMS
  ruby

DEPENDENCIES
  plist
  sqlite3
  thor
